GIT
  remote: https://github.com/rspec/rspec.git
  revision: bc209d4a2a2dfbf38ac1d470b213753aa9e654db
  specs:
    rspec (3.6.0.beta1)
      rspec-core (= 3.6.0.beta1)
      rspec-expectations (= 3.6.0.beta1)
      rspec-mocks (= 3.6.0.beta1)

GIT
  remote: https://github.com/sparklemotion/nokogiri.git
  revision: 7f8b7b2bf55829e02cd11c2eb25814c3ed458676
  specs:
    nokogiri (1.11.4)

GEM
  remote: https://rubygems.org/
  specs:
    activemodel (7.0.4.2)
      activesupport (= 7.0.4.2)
    activerecord (7.0.4.2)
      activemodel (= 7.0.4.2)
      activesupport (= 7.0.4.2)
    activesupport (7.0.4.2)
      concurrent-ruby (~> 1.0, >= 1.0.2)
      i18n (>= 1.6, < 2)
      minitest (>= 5.1)
      tzinfo (~> 2.0)
    concurrent-ruby (1.2.0)
    diff-lcs (1.2.5)
    fastreader (1.0.8)
      activerecord (>= 2.0.0)
      activesupport (>= 2.0.0)
      feed-normalizer (>= 1.5.1)
      highline (>= 1.4.0)
      hoe (>= 1.6.0)
      hpricot (>= 0.6)
      simple-rss (>= 1.1)
      sqlite3-ruby (>= 1.2.2)
    feed-normalizer (1.5.2)
      hpricot (>= 0.6)
      simple-rss (>= 1.1)
    highline (2.1.0)
    hoe (4.0.2)
      rake (>= 0.8, < 15.0)
    hpricot (0.8.6)
    i18n (1.12.0)
      concurrent-ruby (~> 1.0)
    mini_portile2 (2.8.1)
    minitest (5.17.0)
    pdfkit (0.5.2)
    rack (1.6.4)
    rake (13.0.6)
    rspec-core (3.6.0.beta1)
      rspec-support (= 3.6.0.beta1)
    rspec-expectations (3.6.0.beta1)
      diff-lcs (>= 1.2.0, < 2.0)
      rspec-support (= 3.6.0.beta1)
    rspec-mocks (3.6.0.beta1)
      diff-lcs (>= 1.2.0, < 2.0)
      rspec-support (= 3.6.0.beta1)
    rspec-support (3.6.0.beta1)
    simple-rss (1.3.3)
    sqlite3 (1.6.0)
      mini_portile2 (~> 2.8.0)
    sqlite3-ruby (1.3.3)
      sqlite3 (>= 1.3.3)
    tzinfo (2.0.6)
      concurrent-ruby (~> 1.0)

PLATFORMS
  ruby

DEPENDENCIES
  fastreader
  nokogiri (= 1.11.4)!
  pdfkit (~> 0.5)
  rack (~> 1.1)
  rspec!

BUNDLED WITH
   2.1.4
